GEM
  remote: https://rubygems.org/
  specs:
    async_sinatra (1.3.0)
      rack (>= 2.0.0)
      sinatra (>= 1.4.8)
    daemons (1.3.1)
    eventmachine (1.2.7)
    multi_json (1.15.0)
    mustermann (1.1.1)
      ruby2_keywords (~> 0.0.1)
    parslet (1.8.2)
    posix-spawn (0.3.15)
    rack (2.2.3)
    rack-protection (2.1.0)
      rack
    rake (13.0.1)
    ruby2_keywords (0.0.2)
    sinatra (2.1.0)
      mustermann (~> 1.0)
      rack (~> 2.2)
      rack-protection (= 2.1.0)
      tilt (~> 2.0)
    sinatra-contrib (2.1.0)
      multi_json
      mustermann (~> 1.0)
      rack-protection (= 2.1.0)
      sinatra (= 2.1.0)
      tilt (~> 2.0)
    thin (1.7.2)
      daemons (~> 1.0, >= 1.0.9)
      eventmachine (~> 1.0, >= 1.0.4)
      rack (>= 1, < 3)
    tilt (2.0.10)
    toml (0.2.0)
      parslet (~> 1.8.0)

PLATFORMS
  ruby

DEPENDENCIES
  async_sinatra
  eventmachine (~> 1.2.0)
  posix-spawn (~> 0.3.15)
  rake
  sinatra (~> 2.1.0)
  sinatra-contrib (~> 2.1.0)
  thin (~> 1.7.2)
  toml (~> 0.2.0)

BUNDLED WITH
   2.1.4
